GEM
  remote: http://rubygems.org/
  specs:
    haml (4.0.0)
      tilt
    rack (1.5.2)
    sinatra (1.1.0)
      rack (~> 1.1)
      tilt (~> 1.1)
    tilt (1.3.6)

PLATFORMS
  ruby

DEPENDENCIES
  haml
  sinatra (= 1.1.0)
